GEM
  remote: http://rubygems.org/
  specs:
    animation (0.1.alpha.3)
      compass (>= 0.12.0)
      sass (>= 3.2.0.alpha.95)
    chunky_png (1.2.8)
    compass (0.13.alpha.4)
      chunky_png (~> 1.2)
      listen (<= 0.9.9)
      sass (~> 3.2.5)
    listen (0.7.3)
    sass (3.2.10)

PLATFORMS
  ruby

DEPENDENCIES
  animation
  compass (~> 0.13.alpha.4)
